GEM
  remote: https://rubygems.org/
  specs:
    multi_exiftool (0.16.0)

PLATFORMS
  arm64-darwin-20

DEPENDENCIES
  multi_exiftool

BUNDLED WITH
   2.2.29
